GEM
  remote: https://rubygems.org/
  specs:
    addressable (2.3.6)
    backports (3.6.0)
    charlock_holmes (0.6.9.4)
    copyright-header (1.0.12)
      github-linguist (~> 2.6.7)
    cuba (3.1.1)
      rack
    cuba-api (0.6.3)
      cuba (~> 3.1)
      ixtlan-babel (~> 0.4)
      multi_json (~> 1.6)
      safe_yaml (~> 0.8)
    daemons (1.1.9)
    data_objects (0.10.14)
      addressable (~> 2.1)
    descendants_tracker (0.0.3)
    dm-aggregates (1.2.0)
      dm-core (~> 1.2.0)
    dm-core (1.2.1)
      addressable (~> 2.3)
    dm-do-adapter (1.2.0)
      data_objects (~> 0.10.6)
      dm-core (~> 1.2.0)
    dm-migrations (1.2.0)
      dm-core (~> 1.2.0)
    dm-postgres-adapter (1.2.0)
      dm-do-adapter (~> 1.2.0)
      do_postgres (~> 0.10.6)
    dm-sqlite-adapter (1.2.0)
      dm-do-adapter (~> 1.2.0)
      do_sqlite3 (~> 0.10.6)
    dm-timestamps (1.2.0)
      dm-core (~> 1.2.0)
    dm-validations (1.2.0)
      dm-core (~> 1.2.0)
    do_jdbc (0.10.14-java)
      data_objects (= 0.10.14)
    do_postgres (0.10.14)
      data_objects (= 0.10.14)
    do_postgres (0.10.14-java)
      data_objects (= 0.10.14)
      do_jdbc (= 0.10.14)
      jdbc-postgres (>= 8.2)
    do_sqlite3 (0.10.14)
      data_objects (= 0.10.14)
    do_sqlite3 (0.10.14-java)
      data_objects (= 0.10.14)
      do_jdbc (= 0.10.14)
      jdbc-sqlite3 (>= 3.5.8)
    encrypted_cookie (0.0.4)
    escape_utils (0.3.2)
    eventmachine (1.0.3)
    github-linguist (2.6.7)
      charlock_holmes (~> 0.6.6)
      escape_utils (~> 0.3.1)
      mime-types (~> 1.19)
      pygments.rb (~> 0.4.2)
    ixtlan-audit (0.4.3)
      slf4r (~> 0.4.2)
    ixtlan-babel (0.5.0)
    ixtlan-configuration (0.2.2)
      cuba-api (~> 0.5)
    ixtlan-error-handler (0.4.5)
      slf4r (~> 0.4.2)
    ixtlan-guard (0.9.0)
      virtus (~> 0.5)
    ixtlan-optimistic (0.2.4)
    ixtlan-remote (0.2.0)
      rest-client (~> 1.6.3)
    ixtlan-user-management (0.3.1)
      multi_json (~> 1.6)
      virtus (~> 0.5)
    jdbc-postgres (9.3.1101)
    jdbc-sqlite3 (3.7.2.1)
    mail (2.5.4)
      mime-types (~> 1.16)
      treetop (~> 1.4.8)
    mime-types (1.25.1)
    multi_json (1.9.2)
    oj (2.6.1)
    polyglot (0.3.4)
    pony (1.8)
      mail (>= 2.0)
    posix-spawn (0.3.8)
    pygments.rb (0.4.2)
      posix-spawn (~> 0.3.6)
      yajl-ruby (~> 1.1.0)
    rack (1.5.2)
    rack-jsonp (1.3.1)
      rack
    rack-protection (1.5.2)
      rack
    rack_csrf (2.4.0)
      rack (>= 0.9)
    rest-client (1.6.7)
      mime-types (>= 1.16)
    safe_yaml (0.9.7)
    shotgun (0.9)
      rack (>= 1.0)
    slf4r (0.4.2)
    thin (1.6.2)
      daemons (>= 1.0.9)
      eventmachine (>= 1.0.0)
      rack (>= 1.0.0)
    treetop (1.4.15)
      polyglot
      polyglot (>= 0.3.1)
    virtus (0.5.5)
      backports (~> 3.3)
      descendants_tracker (~> 0.0.1)
    yajl-ruby (1.1.0)

PLATFORMS
  java
  ruby

DEPENDENCIES
  copyright-header (~> 1.0.7)
  cuba-api (~> 0.5)
  dm-aggregates (= 1.2.0)
  dm-migrations (= 1.2.0)
  dm-postgres-adapter (= 1.2.0)
  dm-sqlite-adapter (= 1.2.0)
  dm-timestamps (= 1.2.0)
  dm-validations (= 1.2.0)
  encrypted_cookie (~> 0.0)
  ixtlan-audit (~> 0.4)
  ixtlan-babel (~> 0.4)
  ixtlan-configuration (~> 0.2)
  ixtlan-error-handler (~> 0.4)
  ixtlan-guard (~> 0.9)
  ixtlan-optimistic (~> 0.2)
  ixtlan-remote (~> 0.1)
  ixtlan-user-management (~> 0.1)
  multi_json (~> 1.6)
  oj (~> 2.0)
  pony (~> 1.4)
  rack-jsonp (~> 1.3)
  rack-protection (~> 1.1)
  rack_csrf (~> 2.4)
  shotgun (~> 0.9)
  thin
  virtus (~> 0.5)
