GEM
  remote: http://rubygems.org/
  specs:
    addressable (2.2.8)
    backports (2.6.7)
    copyright-header (1.0.7)
    cuba (3.1.0)
      rack
    cuba-api (0.3.0)
      cuba (~> 3.1)
      ixtlan-babel (~> 0.3)
      safe_yaml (~> 0.8)
    daemons (1.1.9)
    data_objects (0.10.12)
      addressable (~> 2.1)
    descendants_tracker (0.0.1)
    dm-aggregates (1.2.0)
      dm-core (~> 1.2.0)
    dm-core (1.2.0)
      addressable (~> 2.2.6)
    dm-do-adapter (1.2.0)
      data_objects (~> 0.10.6)
      dm-core (~> 1.2.0)
    dm-migrations (1.2.0)
      dm-core (~> 1.2.0)
    dm-postgres-adapter (1.2.0)
      dm-do-adapter (~> 1.2.0)
      do_postgres (~> 0.10.6)
    dm-sqlite-adapter (1.2.0)
      dm-do-adapter (~> 1.2.0)
      do_sqlite3 (~> 0.10.6)
    dm-timestamps (1.2.0)
      dm-core (~> 1.2.0)
    dm-validations (1.2.0)
      dm-core (~> 1.2.0)
    do_jdbc (0.10.12-java)
      data_objects (= 0.10.12)
    do_postgres (0.10.12)
      data_objects (= 0.10.12)
    do_postgres (0.10.12-java)
      data_objects (= 0.10.12)
      do_jdbc (= 0.10.12)
      jdbc-postgres (>= 8.2)
    do_sqlite3 (0.10.12)
      data_objects (= 0.10.12)
    do_sqlite3 (0.10.12-java)
      data_objects (= 0.10.12)
      do_jdbc (= 0.10.12)
      jdbc-sqlite3 (>= 3.5.8)
    eventmachine (1.0.0)
    i18n (0.6.2)
    ixtlan-audit (0.4.1)
      slf4r (~> 0.4.2)
    ixtlan-babel (0.3.2)
    ixtlan-configuration (0.1.0)
    ixtlan-error-handler (0.4.1)
      slf4r (~> 0.4.2)
    ixtlan-guard (0.9.0)
      virtus (~> 0.5)
    ixtlan-optimistic (0.2.2)
    ixtlan-remote (0.1.7)
      rest-client (~> 1.6.3)
    jdbc-postgres (9.2.1002.1)
    jdbc-sqlite3 (3.7.2.1)
    mail (2.5.3)
      i18n (>= 0.4.0)
      mime-types (~> 1.16)
      treetop (~> 1.4.8)
    mime-types (1.21)
    polyglot (0.3.3)
    pony (1.4)
      mail (> 2.0)
    rack (1.5.2)
    rack-jsonp (1.3.1)
      rack
    rack-protection (1.3.2)
      rack
    rack_csrf (2.4.0)
      rack (>= 0.9)
    rest-client (1.6.7)
      mime-types (>= 1.16)
    safe_yaml (0.8.4)
    shotgun (0.9)
      rack (>= 1.0)
    slf4r (0.4.2)
    thin (1.5.0)
      daemons (>= 1.0.9)
      eventmachine (>= 0.12.6)
      rack (>= 1.0.0)
    treetop (1.4.12)
      polyglot
      polyglot (>= 0.3.1)
    virtus (0.5.4)
      backports (~> 2.6.1)
      descendants_tracker (~> 0.0.1)

PLATFORMS
  java
  ruby

DEPENDENCIES
  copyright-header (~> 1.0.7)
  cuba-api (~> 0.2)
  dm-aggregates (= 1.2.0)
  dm-migrations (= 1.2.0)
  dm-postgres-adapter (= 1.2.0)
  dm-sqlite-adapter (= 1.2.0)
  dm-timestamps (= 1.2.0)
  dm-validations (= 1.2.0)
  ixtlan-audit (~> 0.4)
  ixtlan-babel (~> 0.3)
  ixtlan-configuration (~> 0.1)
  ixtlan-error-handler (~> 0.4)
  ixtlan-guard (~> 0.9)
  ixtlan-optimistic (~> 0.2.1)
  ixtlan-remote (~> 0.1.6)
  pony (~> 1.4)
  rack-jsonp (~> 1.3)
  rack-protection (~> 1.1)
  rack_csrf (~> 2.4)
  shotgun
  thin
  virtus (~> 0.5.0)
