GEM
  remote: http://rubygems.org/
  specs:
    addressable (2.2.8)
    backports (2.6.5)
    cuba (3.1.0)
      rack
    cuba-api (0.1.0)
      cuba (~> 3.1)
      ixtlan-babel (~> 0.2.0)
    daemons (1.1.9)
    data_objects (0.10.10)
      addressable (~> 2.1)
    dm-core (1.2.0)
      addressable (~> 2.2.6)
    dm-do-adapter (1.2.0)
      data_objects (~> 0.10.6)
      dm-core (~> 1.2.0)
    dm-migrations (1.2.0)
      dm-core (~> 1.2.0)
    dm-postgres-adapter (1.2.0)
      dm-do-adapter (~> 1.2.0)
      do_postgres (~> 0.10.6)
    dm-sqlite-adapter (1.2.0)
      dm-do-adapter (~> 1.2.0)
      do_sqlite3 (~> 0.10.6)
    do_postgres (0.10.10)
      data_objects (= 0.10.10)
    do_sqlite3 (0.10.10)
      data_objects (= 0.10.10)
    eventmachine (1.0.0.rc.4)
    i18n (0.6.1)
    ixtlan-audit (0.3.1)
      slf4r (~> 0.4.2)
    ixtlan-babel (0.2.0)
    ixtlan-error-handler (0.3.1)
      slf4r (~> 0.4.2)
    ixtlan-guard (0.9.0)
      virtus (~> 0.5)
    ixtlan-remote (0.1.0)
      rest-client (~> 1.6.3)
    mail (2.4.4)
      i18n (>= 0.4.0)
      mime-types (~> 1.16)
      treetop (~> 1.4.8)
    mime-types (1.19)
    polyglot (0.3.3)
    pony (1.4)
      mail (> 2.0)
    rack (1.4.1)
    rack-jsonp (1.3.1)
      rack
    rack-protection (1.1.4)
      rack
    rack_csrf (2.4.0)
      rack (>= 0.9)
    rest-client (1.6.7)
      mime-types (>= 1.16)
    shotgun (0.9)
      rack (>= 1.0)
    slf4r (0.4.2)
    thin (1.4.1)
      daemons (>= 1.0.9)
      eventmachine (>= 0.12.6)
      rack (>= 1.0.0)
    treetop (1.4.12)
      polyglot
      polyglot (>= 0.3.1)
    virtus (0.5.2)
      backports (~> 2.6.1)

PLATFORMS
  ruby

DEPENDENCIES
  cuba-api (~> 0.1)
  dm-core (= 1.2.0)
  dm-migrations (= 1.2.0)
  dm-postgres-adapter (= 1.2.0)
  dm-sqlite-adapter (= 1.2.0)
  ixtlan-audit (~> 0.3.1)
  ixtlan-babel (~> 0.2.0)
  ixtlan-error-handler (~> 0.3.1)
  ixtlan-guard (~> 0.9)
  ixtlan-remote (~> 0.1)
  pony (~> 1.4)
  rack-jsonp (~> 1.3)
  rack-protection (~> 1.1)
  rack_csrf (~> 2.4)
  shotgun
  thin
  virtus (~> 0.5.0)
