PATH
  remote: ../../active/ixtlan/ixtlan-audit
  specs:
    ixtlan-audit (0.2.1)
      slf4r (~> 0.4.2)

PATH
  remote: ../../active/ixtlan/ixtlan-babel
  specs:
    ixtlan-babel (0.1.2)

PATH
  remote: ../../active/ixtlan/ixtlan-error-handler
  specs:
    ixtlan-error-handler (0.2.1)
      slf4r (~> 0.4.2)

GEM
  specs:
    addressable (2.2.8)
    backports (2.6.5)
    cuba (3.1.0)
      rack
    daemons (1.1.9)
    data_objects (0.10.10)
      addressable (~> 2.1)
    dm-core (1.2.0)
      addressable (~> 2.2.6)
    dm-do-adapter (1.2.0)
      data_objects (~> 0.10.6)
      dm-core (~> 1.2.0)
    dm-migrations (1.2.0)
      dm-core (~> 1.2.0)
    dm-postgres-adapter (1.2.0)
      dm-do-adapter (~> 1.2.0)
      do_postgres (~> 0.10.6)
    dm-sqlite-adapter (1.2.0)
      dm-do-adapter (~> 1.2.0)
      do_sqlite3 (~> 0.10.6)
    do_postgres (0.10.10)
      data_objects (= 0.10.10)
    do_sqlite3 (0.10.10)
      data_objects (= 0.10.10)
    eventmachine (1.0.0.rc.4)
    i18n (0.6.1)
    mail (2.4.4)
      i18n (>= 0.4.0)
      mime-types (~> 1.16)
      treetop (~> 1.4.8)
    mime-types (1.19)
    polyglot (0.3.3)
    pony (1.4)
      mail (> 2.0)
    rack (1.4.1)
    rack-jsonp (1.3.1)
      rack
    rack-protection (1.1.4)
      rack
    shotgun (0.9)
      rack (>= 1.0)
    slf4r (0.4.2)
    thin (1.4.1)
      daemons (>= 1.0.9)
      eventmachine (>= 0.12.6)
      rack (>= 1.0.0)
    treetop (1.4.12)
      polyglot
      polyglot (>= 0.3.1)
    virtus (0.5.2)
      backports (~> 2.6.1)

PLATFORMS
  ruby

DEPENDENCIES
  cuba (~> 3.1)
  dm-core (= 1.2.0)
  dm-migrations (= 1.2.0)
  dm-postgres-adapter (= 1.2.0)
  dm-sqlite-adapter (= 1.2.0)
  ixtlan-audit!
  ixtlan-babel!
  ixtlan-error-handler!
  pony (~> 1.4)
  rack-jsonp (~> 1.3)
  rack-protection (~> 1.1)
  shotgun
  thin
  virtus (~> 0.5.0)
